GEM
  remote: http://rubygems.org/
  remote: http://gems.github.com/
  specs:
    Ascii85 (1.0.2)
    afm (0.2.0)
    bourbon (3.1.8)
      sass (>= 3.2.0)
      thor
    coffee-script (2.2.0)
      coffee-script-source
      execjs
    coffee-script-source (1.6.3)
    daemons (1.1.9)
    eventmachine (1.0.3)
    execjs (1.4.0)
      multi_json (~> 1.0)
    haml (4.0.3)
      tilt
    hashery (2.1.0)
    multi_json (1.7.7)
    pdf-reader (1.3.3)
      Ascii85 (~> 1.0.0)
      afm (~> 0.2.0)
      hashery (~> 2.0)
      ruby-rc4
      ttfunk
    prawn (0.12.0)
      pdf-reader (>= 0.9.0)
      ttfunk (~> 1.0.2)
    rack (1.5.2)
    rack-protection (1.5.0)
      rack
    ruby-rc4 (0.1.5)
    sass (3.2.9)
    sbfaulkner-sinatra-prawn (0.9.2.1)
      prawn
    sinatra (1.4.3)
      rack (~> 1.4)
      rack-protection (~> 1.4)
      tilt (~> 1.3, >= 1.3.4)
    thin (1.5.1)
      daemons (>= 1.0.9)
      eventmachine (>= 0.12.6)
      rack (>= 1.0.0)
    thor (0.18.1)
    tilt (1.4.1)
    ttfunk (1.0.3)

PLATFORMS
  ruby

DEPENDENCIES
  bourbon
  coffee-script
  haml
  rack (~> 1.5.2)
  sass
  sbfaulkner-sinatra-prawn
  sinatra
  thin
